GEM
  remote: https://rubygems.org/
  specs:
    kramdown (1.4.2)
    mime-types (2.4.2)
    netrc (0.8.0)
    rake (10.3.2)
    rest-client (1.7.2)
      mime-types (>= 1.16, < 3.0)
      netrc (~> 0.7)
    yard (0.8.7.4)

PLATFORMS
  ruby

DEPENDENCIES
  kramdown
  rake
  rest-client (~> 1.7.0)
  yard
