GEM
  remote: https://rubygems.org/
  specs:
    formatador (0.2.5)
    kramdown (1.5.0)
    mime-types (2.4.3)
    netrc (0.8.0)
    rake (10.3.2)
    rest-client (1.7.2)
      mime-types (>= 1.16, < 3.0)
      netrc (~> 0.7)
    yard (0.8.7.6)

PLATFORMS
  ruby

DEPENDENCIES
  formatador (= 0.2.5)
  kramdown
  rake
  rest-client (~> 1.7.0)
  yard
