GIT
  remote: git@github.com:rgeyer/sandbox.git
  revision: c305132ca355f72d0c6df56d4fdbba25952c24e2
  branch: service_client
  specs:
    service_client (0.0.1)
      pry
      rack (~> 1.5.2)
      right_api_client (~> 1.5)

GEM
  remote: https://rubygems.org/
  specs:
    coderay (1.1.0)
    json (1.8.1)
    method_source (0.8.2)
    mime-types (1.25.1)
    netrc (0.7.7)
    pry (0.10.1)
      coderay (~> 1.1.0)
      method_source (~> 0.8.1)
      slop (~> 3.4)
    rack (1.5.2)
    rake (10.3.2)
    rest-client (1.7.2)
      mime-types (>= 1.16, < 3.0)
      netrc (~> 0.7)
    right_api_client (1.5.22)
      json (~> 1.0)
      mime-types (~> 1.0)
      rest-client (~> 1.6)
    slop (3.6.0)

PLATFORMS
  ruby

DEPENDENCIES
  rake
  service_client!
